PATH
  remote: .
  specs:
    prologix_gpib (0.4.3)
      activesupport
      rubyserial
      terminal-table (~> 3.0.2)
      thor

GEM
  remote: https://rubygems.org/
  specs:
    activesupport (7.0.1)
      concurrent-ruby (~> 1.0, >= 1.0.2)
      i18n (>= 1.6, < 2)
      minitest (>= 5.1)
      tzinfo (~> 2.0)
    coderay (1.1.3)
    concurrent-ruby (1.1.9)
    ffi (1.15.5)
    i18n (1.8.11)
      concurrent-ruby (~> 1.0)
    method_source (1.0.0)
    minitest (5.15.0)
    pry (0.14.1)
      coderay (~> 1.1)
      method_source (~> 1.0)
    rake (10.5.0)
    rubyserial (0.6.0)
      ffi (~> 1.9, >= 1.9.3)
    terminal-table (3.0.2)
      unicode-display_width (>= 1.1.1, < 3)
    thor (1.2.1)
    tzinfo (2.0.4)
      concurrent-ruby (~> 1.0)
    unicode-display_width (2.1.0)

PLATFORMS
  ruby

DEPENDENCIES
  bundler (~> 2.0)
  prologix_gpib!
  pry
  rake (~> 10.0)
  rubyserial (~> 0.6)

BUNDLED WITH
   2.2.32
