PATH
  remote: .
  specs:
    prologix_gpib_usb (0.1.0)
      activesupport
      rubyserial

GEM
  remote: https://rubygems.org/
  specs:
    activesupport (6.0.0)
      concurrent-ruby (~> 1.0, >= 1.0.2)
      i18n (>= 0.7, < 2)
      minitest (~> 5.1)
      tzinfo (~> 1.1)
      zeitwerk (~> 2.1, >= 2.1.8)
    concurrent-ruby (1.1.5)
    ffi (1.11.1)
    i18n (1.7.0)
      concurrent-ruby (~> 1.0)
    minitest (5.12.2)
    rake (10.5.0)
    rubyserial (0.6.0)
      ffi (~> 1.9, >= 1.9.3)
    thread_safe (0.3.6)
    tzinfo (1.2.5)
      thread_safe (~> 0.1)
    zeitwerk (2.1.10)

PLATFORMS
  ruby

DEPENDENCIES
  bundler (~> 2.0)
  prologix_gpib_usb!
  rake (~> 10.0)
  rubyserial

BUNDLED WITH
   2.0.2
